GEM
  remote: https://rubygems.org/
  specs:
    rack (3.0.4.1)
    roda (3.64.0)
      rack

PLATFORMS
  x64-mingw-ucrt
  x86_64-linux

DEPENDENCIES
  roda

BUNDLED WITH
   2.4.6
