GEM
  remote: https://rubygems.org/
  specs:
    rack (3.0.4.1)
    roda (3.64.0)
      rack

PLATFORMS
  x86_64-linux

DEPENDENCIES
  roda

RUBY VERSION
   ruby 3.2.0p0

BUNDLED WITH
   2.4.6
