GEM
  remote: https://rubygems.org/
  specs:
    bcrypt (3.1.18)
    coderay (1.1.3)
    dotenv (2.8.1)
    method_source (1.0.0)
    nio4r (2.5.8)
    pry (0.14.2)
      coderay (~> 1.1)
      method_source (~> 1.0)
    puma (6.1.0)
      nio4r (~> 2.0)
    rack (3.0.4.1)
    roda (3.64.0)
      rack
    securerandom (0.2.2)
    sequel (5.65.0)

PLATFORMS
  x86_64-linux

DEPENDENCIES
  bcrypt
  dotenv
  pry
  puma
  roda
  securerandom
  sequel

RUBY VERSION
   ruby 3.2.0p0

BUNDLED WITH
   2.4.6
